PATH
  remote: .
  specs:
    djjour (0.0.1)
      dnssd (>= 2.0)
      nokogiri (>= 1.5.0)
      sinatra (>= 1.2.6)

GEM
  remote: http://rubygems.org/
  specs:
    dnssd (2.0)
    nokogiri (1.5.0)
    rack (1.3.3)
    sinatra (1.2.6)
      rack (~> 1.1)
      tilt (>= 1.2.2, < 2.0)
    tilt (1.3.3)

PLATFORMS
  ruby

DEPENDENCIES
  djjour!
